GEM
  remote: https://rubygems.org/
  specs:
    hipchat-api (1.0.5)
      httparty
    httparty (0.13.0)
      json (~> 1.8)
      multi_xml (>= 0.5.2)
    json (1.8.1)
    multi_xml (0.5.5)

PLATFORMS
  ruby

DEPENDENCIES
  hipchat-api
